GEM
  remote: http://rubygems.org/
  specs:
    mocha (0.9.8)
      rake
    rake (0.8.7)
    rcov (0.9.8)
    rspec (1.3.0)

PLATFORMS
  ruby

DEPENDENCIES
  mocha (= 0.9.8)
  rcov (= 0.9.8)
  rspec (= 1.3.0)
